PATH
  remote: .
  specs:
    simple_http_service (0.1.7)
      net-http (~> 0.4.1)

GEM
  remote: https://rubygems.org/
  specs:
    diff-lcs (1.5.1)
    net-http (0.4.1)
      uri
    rake (10.5.0)
    rspec (3.13.0)
      rspec-core (~> 3.13.0)
      rspec-expectations (~> 3.13.0)
      rspec-mocks (~> 3.13.0)
    rspec-core (3.13.2)
      rspec-support (~> 3.13.0)
    rspec-expectations (3.13.0)
      diff-lcs (>= 1.2.0, < 2.0)
      rspec-support (~> 3.13.0)
    rspec-mocks (3.13.1)
      diff-lcs (>= 1.2.0, < 2.0)
      rspec-support (~> 3.13.0)
    rspec-support (3.13.1)
    uri (0.12.1)
    yard (0.9.37)

PLATFORMS
  ruby

DEPENDENCIES
  bundler (~> 2.5.10)
  rake (~> 10.0)
  rspec (~> 3.13.0)
  rspec-core (~> 3.13.1)
  simple_http_service!
  yard

BUNDLED WITH
   2.5.11
